GIT
  remote: http://github.com/postmodern/contextify.git
  revision: 4970af00b40a2467682a8159e972f65b43f87d94
  specs:
    contextify (0.1.6)

GIT
  remote: http://github.com/postmodern/dm-migrations.git
  revision: 0fbaeefb1d260ac312d23b13d62c09de89d1f1af
  branch: runner
  specs:
    dm-migrations (1.0.2)
      dm-core (~> 1.0.2)

GIT
  remote: http://github.com/ronin-ruby/ronin-exploits.git
  revision: 4971738b85ecb3ce41b425f237a4187d131a8314
  specs:
    ronin-exploits (0.4.0)
      data_paths (~> 0.2.1)
      open_namespace (~> 0.3.0)
      ronin (~> 0.4.0)
      ronin-gen (~> 0.3.0)
      ronin-support (~> 0.1.0)
      uri-query_params (~> 0.4.0)

GIT
  remote: http://github.com/ronin-ruby/ronin-gen.git
  revision: 115692b7c2e9fc752d1977b53859d22ad20537a5
  specs:
    ronin-gen (0.3.0)
      data_paths (~> 0.2.1)
      open_namespace (~> 0.3.0)
      ronin (~> 0.4.0)
      ronin-support (~> 0.1.0)
      thor (~> 0.14.2)

GIT
  remote: http://github.com/ronin-ruby/ronin-scanners.git
  revision: 323ab9e7b61d86df45007e3c3568dad60a4bc4a3
  specs:
    ronin-scanners (0.2.0)
      nokogiri (~> 1.4.1)
      open_namespace (~> 0.3.0)
      ronin (~> 0.4.0)
      ronin-exploits (~> 0.4.0)
      ronin-support (~> 0.1.0)
      rprogram (~> 0.2.0)
      ruby-nmap (~> 0.1.0)
      spidr (~> 0.2.4)

GIT
  remote: http://github.com/ronin-ruby/ronin-support.git
  revision: 1fdb061e7027cf9f13d24c1d655a266fc0aa4204
  specs:
    ronin-support (0.1.0)
      chars (~> 0.1.2)
      combinatorics (~> 0.2.0)
      data_paths (~> 0.2.1)
      uri-query_params (~> 0.4.0)

GIT
  remote: http://github.com/ronin-ruby/ronin-web.git
  revision: 95d06391920e4a968a0848c390e393bc045e7343
  specs:
    ronin-web (0.3.0)
      data_paths (~> 0.2.1)
      mechanize (~> 1.0.0)
      nokogiri (~> 1.4.1)
      ronin (~> 0.4.0)
      ronin-support (~> 0.1.0)
      sinatra (~> 1.0)
      spidr (~> 0.2.0)

GIT
  remote: http://github.com/ronin-ruby/ronin.git
  revision: 014a7b8d84f1136a16c0a54d243fe81010fc976c
  specs:
    ronin (0.4.0)
      activesupport (~> 3.0.0)
      contextify (~> 0.1.6)
      data_paths (~> 0.2.1)
      dm-aggregates (~> 1.0.2)
      dm-constraints (~> 1.0.2)
      dm-core (~> 1.0.2)
      dm-do-adapter (~> 1.0.2)
      dm-is-predefined (~> 0.3.0)
      dm-migrations (~> 1.0.2)
      dm-sqlite-adapter (~> 1.0.2)
      dm-tags (~> 1.0.2)
      dm-timestamps (~> 1.0.2)
      dm-types (~> 1.0.2)
      dm-validations (~> 1.0.2)
      nokogiri (~> 1.4.1)
      open_namespace (~> 0.3.0)
      parameters (~> 0.2.2)
      pullr (~> 0.1.2)
      ronin-support (~> 0.1.0)
      thor (~> 0.14.2)
      tzinfo (~> 0.3.22)
      uri-query_params (~> 0.4.0)

GEM
  remote: https://rubygems.org/
  specs:
    activesupport (3.0.0)
    addressable (2.2.1)
    chars (0.1.2)
      yard (>= 0.2.3.5)
    combinatorics (0.2.0)
    cssmin (1.0.2)
    data_objects (0.10.2)
      addressable (~> 2.1)
    data_paths (0.2.1)
    diff-lcs (1.1.2)
    dm-aggregates (1.0.2)
      dm-core (~> 1.0.2)
    dm-constraints (1.0.2)
      dm-core (~> 1.0.2)
      dm-migrations (~> 1.0.2)
    dm-core (1.0.2)
      addressable (~> 2.2)
      extlib (~> 0.9.15)
    dm-do-adapter (1.0.2)
      data_objects (~> 0.10.2)
      dm-core (~> 1.0.2)
    dm-is-predefined (0.3.0)
      activesupport (~> 3.0.0.beta3)
      dm-core (~> 1.0.0)
    dm-sqlite-adapter (1.0.2)
      dm-do-adapter (~> 1.0.2)
      do_sqlite3 (~> 0.10.2)
    dm-tags (1.0.2)
      dm-core (~> 1.0.2)
    dm-timestamps (1.0.2)
      dm-core (~> 1.0.2)
    dm-types (1.0.2)
      dm-core (~> 1.0.2)
      fastercsv (~> 1.5.3)
      json_pure (~> 1.4)
      stringex (~> 1.1.0)
      uuidtools (~> 2.1.1)
    dm-validations (1.0.2)
      dm-core (~> 1.0.2)
    do_sqlite3 (0.10.2)
      data_objects (= 0.10.2)
    extlib (0.9.15)
    fastercsv (1.5.3)
    ffi (0.6.3)
      rake (>= 0.8.7)
    ffi-msgpack (0.1.4)
      ffi (~> 0.6.0)
    git (1.2.5)
    jeweler (1.5.0.pre3)
      bundler (~> 1.0.0)
      git (>= 1.2.5)
      rake
    jsmin (1.0.1)
    json_pure (1.4.6)
    mechanize (1.0.0)
      nokogiri (>= 1.2.1)
    nokogiri (1.4.3.1)
    open_namespace (0.3.0)
    parameters (0.2.2)
    pullr (0.1.3)
      addressable (>= 2.1.1)
    rack (1.2.1)
    rake (0.8.7)
    rdiscount (1.6.5)
    rprogram (0.2.0)
    rspec (2.0.0.rc)
      rspec-core (= 2.0.0.rc)
      rspec-expectations (= 2.0.0.rc)
      rspec-mocks (= 2.0.0.rc)
    rspec-core (2.0.0.rc)
    rspec-expectations (2.0.0.rc)
      diff-lcs (>= 1.1.2)
    rspec-mocks (2.0.0.rc)
      rspec-core (= 2.0.0.rc)
      rspec-expectations (= 2.0.0.rc)
    ruby-nmap (0.1.1)
      nokogiri (>= 1.4.0)
      rprogram (>= 0.1.8)
    sinatra (1.0)
      rack (>= 1.0)
    spidr (0.2.7)
    stringex (1.1.0)
    thor (0.14.3)
    tzinfo (0.3.23)
    uri-query_params (0.4.0)
    uuidtools (2.1.1)
    yard (0.6.1)

PLATFORMS
  ruby

DEPENDENCIES
  contextify (~> 0.1.6)!
  cssmin (~> 1.0.2)
  data_paths (~> 0.2.1)
  dm-migrations (~> 1.0.2)!
  ffi-msgpack (~> 0.1.4)
  jeweler (~> 1.5.0.pre)
  jsmin (~> 1.0.1)
  rake (~> 0.8.7)
  rdiscount (~> 1.6.3)
  ronin (~> 0.4.0)!
  ronin-exploits (~> 0.4.0)!
  ronin-gen (~> 0.3.0)!
  ronin-scanners (~> 0.2.0)!
  ronin-support (~> 0.1.0)!
  ronin-web (~> 0.3.0)!
  rspec (~> 2.0.0.rc)
  uri-query_params (~> 0.4.0)
  yard (~> 0.6.0)
