GIT
  remote: http://github.com/ronin-ruby/ronin-exploits.git
  revision: f2eaf95f22be75c6e57e3557e0c3d8a11ec3e2a2
  specs:
    ronin-exploits (0.4.0)
      data_paths (~> 0.2.1)
      open_namespace (~> 0.3.0)
      uri-query_params (~> 0.5.2)

GIT
  remote: http://github.com/ronin-ruby/ronin-gen.git
  revision: 354fd9ece23dabd6efebc080bf188044c6edae10
  specs:
    ronin-gen (0.3.0)
      data_paths (~> 0.2.1)
      open_namespace (~> 0.3.0)
      thor (~> 0.14.3)

GIT
  remote: http://github.com/ronin-ruby/ronin-scanners.git
  revision: 72c9ce6ee4a3dad6aac39b98d90e541c594cc827
  specs:
    ronin-scanners (0.2.0)
      contextify (~> 0.2.0)
      nokogiri (~> 1.4.1)
      open_namespace (~> 0.3.0)
      parameters (~> 0.2.3)
      rprogram (~> 0.2.1)
      ruby-nmap (~> 0.3.0)
      spidr (~> 0.2.4)

GIT
  remote: http://github.com/ronin-ruby/ronin-support.git
  revision: 6c89950e62383dbeffca9a2a5c698b1650d27503
  specs:
    ronin-support (0.1.0)
      chars (~> 0.2.0)
      combinatorics (~> 0.3.1)
      data_paths (~> 0.2.1)
      uri-query_params (~> 0.5.2)

GIT
  remote: http://github.com/ronin-ruby/ronin-web.git
  revision: 0911e480fe60f44326c04549abab5e53b4469c13
  specs:
    ronin-web (0.3.0)
      data_paths (~> 0.2.1)
      mechanize (~> 1.0.0)
      nokogiri (~> 1.4.1)
      sinatra (~> 1.1.0)
      spidr (~> 0.2.0)

GIT
  remote: http://github.com/ronin-ruby/ronin.git
  revision: 0b645686407f54dc4fb5721fac9b1af6b474bbd7
  specs:
    ronin (1.0.0)
      activesupport (~> 3.0.0)
      contextify (~> 0.2.0)
      data_paths (~> 0.2.1)
      dm-aggregates (~> 1.0.2)
      dm-constraints (~> 1.0.2)
      dm-core (~> 1.0.2)
      dm-do-adapter (~> 1.0.2)
      dm-is-predefined (~> 0.3.0)
      dm-migrations (~> 1.0.2)
      dm-serializer (~> 1.0.2)
      dm-sqlite-adapter (~> 1.0.2)
      dm-tags (~> 1.0.2)
      dm-timestamps (~> 1.0.2)
      dm-types (~> 1.0.2)
      dm-validations (~> 1.0.2)
      i18n (~> 0.4.1)
      open_namespace (~> 0.3.0)
      parameters (~> 0.2.3)
      pullr (~> 0.1.2)
      thor (~> 0.14.3)
      tzinfo (~> 0.3.22)
      uri-query_params (~> 0.5.2)

PATH
  remote: .
  specs:
    ronin-php (0.2.0)
      cssmin (~> 1.0.2)
      data_paths (~> 0.2.1)
      ffi-msgpack (~> 0.1.4)
      jsmin (~> 1.0.1)
      uri-query_params (~> 0.5.0)

GEM
  remote: https://rubygems.org/
  specs:
    activesupport (3.0.3)
    addressable (2.2.2)
    chars (0.2.0)
    combinatorics (0.3.1)
    contextify (0.2.0)
    cssmin (1.0.2)
    data_objects (0.10.2)
      addressable (~> 2.1)
    data_paths (0.2.1)
    diff-lcs (1.1.2)
    dm-aggregates (1.0.2)
      dm-core (~> 1.0.2)
    dm-constraints (1.0.2)
      dm-core (~> 1.0.2)
      dm-migrations (~> 1.0.2)
    dm-core (1.0.2)
      addressable (~> 2.2)
      extlib (~> 0.9.15)
    dm-do-adapter (1.0.2)
      data_objects (~> 0.10.2)
      dm-core (~> 1.0.2)
    dm-is-predefined (0.3.0)
      activesupport (~> 3.0.0.beta3)
      dm-core (~> 1.0.0)
    dm-migrations (1.0.2)
      dm-core (~> 1.0.2)
    dm-serializer (1.0.2)
      dm-core (~> 1.0.2)
      fastercsv (~> 1.5.3)
      json_pure (~> 1.4)
    dm-sqlite-adapter (1.0.2)
      dm-do-adapter (~> 1.0.2)
      do_sqlite3 (~> 0.10.2)
    dm-tags (1.0.2)
      dm-core (~> 1.0.2)
    dm-timestamps (1.0.2)
      dm-core (~> 1.0.2)
    dm-types (1.0.2)
      dm-core (~> 1.0.2)
      fastercsv (~> 1.5.3)
      json_pure (~> 1.4)
      stringex (~> 1.1.0)
      uuidtools (~> 2.1.1)
    dm-validations (1.0.2)
      dm-core (~> 1.0.2)
    do_sqlite3 (0.10.2)
      data_objects (= 0.10.2)
    extlib (0.9.15)
    fastercsv (1.5.3)
    ffi (0.6.3)
      rake (>= 0.8.7)
    ffi-msgpack (0.1.4)
      ffi (~> 0.6.0)
    i18n (0.4.2)
    jsmin (1.0.1)
    json_pure (1.4.6)
    mechanize (1.0.0)
      nokogiri (>= 1.2.1)
    nokogiri (1.4.4)
    open_namespace (0.3.0)
    ore-core (0.1.0)
    ore-tasks (0.2.0)
    parameters (0.2.3)
    pullr (0.1.3)
      addressable (>= 2.1.1)
    rack (1.2.1)
    rake (0.8.7)
    rdiscount (1.6.5)
    rprogram (0.2.1)
    rspec (2.0.0)
      rspec-core (= 2.0.0)
      rspec-expectations (= 2.0.0)
      rspec-mocks (= 2.0.0)
    rspec-core (2.0.0)
    rspec-expectations (2.0.0)
      diff-lcs (>= 1.1.2)
    rspec-mocks (2.0.0)
      rspec-core (= 2.0.0)
      rspec-expectations (= 2.0.0)
    ruby-nmap (0.3.0)
      nokogiri (>= 1.3.0)
      rprogram (~> 0.2.0)
    sinatra (1.1.0)
      rack (~> 1.1)
      tilt (~> 1.1)
    spidr (0.2.7)
    stringex (1.1.0)
    thor (0.14.6)
    tilt (1.1)
    tzinfo (0.3.23)
    uri-query_params (0.5.2)
    uuidtools (2.1.1)
    yard (0.6.1)

PLATFORMS
  ruby

DEPENDENCIES
  bundler (~> 1.0.0)
  cssmin (~> 1.0.2)
  data_paths (~> 0.2.1)
  ffi-msgpack (~> 0.1.4)
  jsmin (~> 1.0.1)
  ore-core (~> 0.1.0)
  ore-tasks (~> 0.2.0)
  rake (~> 0.8.7)
  rdiscount (~> 1.6.3)
  ronin (~> 1.0.0)!
  ronin-exploits (~> 0.4.0)!
  ronin-gen (~> 0.3.0)!
  ronin-php!
  ronin-scanners (~> 0.2.0)!
  ronin-support (~> 0.1.0)!
  ronin-web (~> 0.3.0)!
  rspec (~> 2.0.0)
  uri-query_params (~> 0.5.0)
  yard (~> 0.6.1)
